GEM
  remote: https://rubygems.org/
  specs:
    addressable (2.3.6)
    fastimage (1.6.2)
      addressable (~> 2.3, >= 2.3.5)
    mini_portile (0.5.3)
    nokogiri (1.6.1)
      mini_portile (~> 0.5.0)
    roo (1.13.2)
      nokogiri
      rubyzip
      spreadsheet (> 0.6.4)
    ruby-ole (1.2.11.7)
    rubyzip (1.1.3)
    spreadsheet (0.9.7)
      ruby-ole (>= 1.0)

PLATFORMS
  ruby

DEPENDENCIES
  fastimage
  nokogiri
  roo
